PATH
  remote: .
  specs:
    amp4e_ldap_tool (0.1.0)
      net-ldap (~> 0.15.0)
      thor (~> 0.19.4)

GEM
  remote: https://rubygems.org/
  specs:
    diff-lcs (1.3)
    net-ldap (0.15.0)
    rake (10.5.0)
    rspec (3.5.0)
      rspec-core (~> 3.5.0)
      rspec-expectations (~> 3.5.0)
      rspec-mocks (~> 3.5.0)
    rspec-core (3.5.4)
      rspec-support (~> 3.5.0)
    rspec-expectations (3.5.0)
      diff-lcs (>= 1.2.0, < 2.0)
      rspec-support (~> 3.5.0)
    rspec-mocks (3.5.0)
      diff-lcs (>= 1.2.0, < 2.0)
      rspec-support (~> 3.5.0)
    rspec-support (3.5.0)
    thor (0.19.4)

PLATFORMS
  ruby

DEPENDENCIES
  amp4e_ldap_tool!
  bundler (~> 1.12)
  rake (~> 10.0)
  rspec (~> 3.0)

BUNDLED WITH
   1.12.5
